GEM
  remote: https://rubygems.org/
  specs:
    haml (6.0.8)
      temple (>= 0.8.2)
      thor
      tilt
    prettier_print (1.2.0)
    rbs (2.6.0)
    syntax_tree (5.1.0)
      prettier_print (>= 1.2.0)
    syntax_tree-haml (3.0.0)
      haml (>= 5.2, != 6.0.0)
      prettier_print (>= 1.0.0)
      syntax_tree (>= 5.0.1)
    syntax_tree-rbs (0.5.1)
      prettier_print
      rbs
      syntax_tree (>= 2.0.1)
    temple (0.9.1)
    thor (1.2.1)
    tilt (2.0.11)

PLATFORMS
  x86_64-darwin-21
  x86_64-linux

DEPENDENCIES
  prettier_print
  syntax_tree
  syntax_tree-haml
  syntax_tree-rbs

BUNDLED WITH
   2.3.22
